GIT
  remote: git://github.com/jnicklas/capybara.git
  revision: 23b10e76f2bcfc69c8499b465367388a31b21b31
  specs:
    capybara (2.7.0.dev)
      addressable
      mime-types (>= 1.16)
      nokogiri (>= 1.3.3)
      rack (>= 1.0.0)
      rack-test (>= 0.5.4)
      xpath (~> 2.0)

GIT
  remote: git://github.com/rspec/rspec-core.git
  revision: e9b99468cbfa45d2c0f38e69a0c9c9184814e327
  branch: master
  specs:
    rspec-core (3.5.0.pre)
      rspec-support (= 3.5.0.pre)

GIT
  remote: git://github.com/rspec/rspec-expectations.git
  revision: 4c1856b5155f14b4fa5f2c623f2e3fe92bbd1463
  branch: master
  specs:
    rspec-expectations (3.5.0.pre)
      diff-lcs (>= 1.2.0, < 2.0)
      rspec-support (= 3.5.0.pre)

GIT
  remote: git://github.com/rspec/rspec-mocks.git
  revision: 2fcdbaee682efc35c146c9f713c079356ca3ec6e
  branch: master
  specs:
    rspec-mocks (3.5.0.pre)
      diff-lcs (>= 1.2.0, < 2.0)
      rspec-support (= 3.5.0.pre)

GIT
  remote: git://github.com/rspec/rspec-rails.git
  revision: f37065600822e49df993e58e86b07d54e4af3fd8
  branch: master
  specs:
    rspec-rails (3.5.0.pre)
      actionpack (>= 3.0)
      activesupport (>= 3.0)
      railties (>= 3.0)
      rspec-core (= 3.5.0.pre)
      rspec-expectations (= 3.5.0.pre)
      rspec-mocks (= 3.5.0.pre)
      rspec-support (= 3.5.0.pre)

GIT
  remote: git://github.com/rspec/rspec-support.git
  revision: 4b938ec512d2fbee945913afbb957b510244ecb3
  branch: master
  specs:
    rspec-support (3.5.0.pre)

GEM
  remote: https://rubygems.org/
  specs:
    actioncable (5.0.0.beta1.1)
      actionpack (= 5.0.0.beta1.1)
      celluloid (~> 0.17.2)
      coffee-rails (~> 4.1.0)
      em-hiredis (~> 0.3.0)
      faye-websocket (~> 0.10.0)
      redis (~> 3.0)
      websocket-driver (~> 0.6.1)
    actionmailer (5.0.0.beta1.1)
      actionpack (= 5.0.0.beta1.1)
      actionview (= 5.0.0.beta1.1)
      activejob (= 5.0.0.beta1.1)
      mail (~> 2.5, >= 2.5.4)
      rails-dom-testing (~> 1.0, >= 1.0.5)
    actionpack (5.0.0.beta1.1)
      actionview (= 5.0.0.beta1.1)
      activesupport (= 5.0.0.beta1.1)
      rack (~> 2.x)
      rack-test (~> 0.6.3)
      rails-dom-testing (~> 1.0, >= 1.0.5)
      rails-html-sanitizer (~> 1.0, >= 1.0.2)
    actionview (5.0.0.beta1.1)
      activesupport (= 5.0.0.beta1.1)
      builder (~> 3.1)
      erubis (~> 2.7.0)
      rails-dom-testing (~> 1.0, >= 1.0.5)
      rails-html-sanitizer (~> 1.0, >= 1.0.2)
    activejob (5.0.0.beta1.1)
      activesupport (= 5.0.0.beta1.1)
      globalid (>= 0.3.6)
    activemodel (5.0.0.beta1.1)
      activesupport (= 5.0.0.beta1.1)
      builder (~> 3.1)
    activerecord (5.0.0.beta1.1)
      activemodel (= 5.0.0.beta1.1)
      activesupport (= 5.0.0.beta1.1)
      arel (~> 7.0)
    activesupport (5.0.0.beta1.1)
      concurrent-ruby (~> 1.0)
      i18n (~> 0.7)
      json (~> 1.7, >= 1.7.7)
      method_source
      minitest (~> 5.1)
      tzinfo (~> 1.1)
    addressable (2.4.0)
    arel (7.0.0)
    builder (3.2.2)
    byebug (8.2.1)
    celluloid (0.17.3)
      celluloid-essentials
      celluloid-extras
      celluloid-fsm
      celluloid-pool
      celluloid-supervision
      timers (>= 4.1.1)
    celluloid-essentials (0.20.5)
      timers (>= 4.1.1)
    celluloid-extras (0.20.5)
      timers (>= 4.1.1)
    celluloid-fsm (0.20.5)
      timers (>= 4.1.1)
    celluloid-pool (0.20.5)
      timers (>= 4.1.1)
    celluloid-supervision (0.20.5)
      timers (>= 4.1.1)
    childprocess (0.5.9)
      ffi (~> 1.0, >= 1.0.11)
    codeclimate-test-reporter (0.4.8)
      simplecov (>= 0.7.1, < 1.0.0)
    coffee-rails (4.1.1)
      coffee-script (>= 2.2.0)
      railties (>= 4.0.0, < 5.1.x)
    coffee-script (2.4.1)
      coffee-script-source
      execjs
    coffee-script-source (1.10.0)
    concurrent-ruby (1.0.0)
    database_cleaner (1.5.1)
    debug_inspector (0.0.2)
    diff-lcs (1.2.5)
    docile (1.1.5)
    em-hiredis (0.3.1)
      eventmachine (~> 1.0)
      hiredis (~> 0.6.0)
    erubis (2.7.0)
    eventmachine (1.0.9.1)
    execjs (2.6.0)
    factory_girl (4.5.0)
      activesupport (>= 3.0.0)
    factory_girl_rails (4.5.0)
      factory_girl (~> 4.5.0)
      railties (>= 3.0.0)
    faye-websocket (0.10.2)
      eventmachine (>= 0.12.0)
      websocket-driver (>= 0.5.1)
    ffi (1.9.10)
    globalid (0.3.6)
      activesupport (>= 4.1.0)
    hiredis (0.6.1)
    hitimes (1.2.3)
    i18n (0.7.0)
    jbuilder (2.4.0)
      activesupport (>= 3.0.0, < 5.1)
      multi_json (~> 1.2)
    jquery-rails (4.1.0)
      rails-dom-testing (~> 1.0)
      railties (>= 4.2.0)
      thor (>= 0.14, < 2.0)
    json (1.8.3)
    loofah (2.0.3)
      nokogiri (>= 1.5.9)
    mail (2.6.3)
      mime-types (>= 1.16, < 3)
    method_source (0.8.2)
    mime-types (2.99)
    mini_portile2 (2.0.0)
    minitest (5.8.4)
    multi_json (1.11.2)
    nokogiri (1.6.7.2)
      mini_portile2 (~> 2.0.0.rc2)
    puma (2.16.0)
    rack (2.0.0.alpha)
      json
    rack-test (0.6.3)
      rack (>= 1.0)
    rails (5.0.0.beta1.1)
      actioncable (= 5.0.0.beta1.1)
      actionmailer (= 5.0.0.beta1.1)
      actionpack (= 5.0.0.beta1.1)
      actionview (= 5.0.0.beta1.1)
      activejob (= 5.0.0.beta1.1)
      activemodel (= 5.0.0.beta1.1)
      activerecord (= 5.0.0.beta1.1)
      activesupport (= 5.0.0.beta1.1)
      bundler (>= 1.3.0, < 2.0)
      railties (= 5.0.0.beta1.1)
      sprockets-rails (>= 2.0.0)
    rails-controller-testing (0.0.3)
      rails (>= 4.2)
    rails-deprecated_sanitizer (1.0.3)
      activesupport (>= 4.2.0.alpha)
    rails-dom-testing (1.0.7)
      activesupport (>= 4.2.0.beta, < 5.0)
      nokogiri (~> 1.6.0)
      rails-deprecated_sanitizer (>= 1.0.1)
    rails-html-sanitizer (1.0.3)
      loofah (~> 2.0)
    railties (5.0.0.beta1.1)
      actionpack (= 5.0.0.beta1.1)
      activesupport (= 5.0.0.beta1.1)
      method_source
      rake (>= 0.8.7)
      thor (>= 0.18.1, < 2.0)
    rake (10.5.0)
    redis (3.2.2)
    rubyzip (1.1.7)
    selenium-webdriver (2.50.0)
      childprocess (~> 0.5)
      multi_json (~> 1.0)
      rubyzip (~> 1.0)
      websocket (~> 1.0)
    simplecov (0.11.1)
      docile (~> 1.1.0)
      json (~> 1.8)
      simplecov-html (~> 0.10.0)
    simplecov-html (0.10.0)
    spring (1.6.2)
    sprockets (3.5.2)
      concurrent-ruby (~> 1.0)
      rack (> 1, < 3)
    sprockets-rails (3.0.1)
      actionpack (>= 4.0)
      activesupport (>= 4.0)
      sprockets (>= 3.0.0)
    sqlite3 (1.3.11)
    thor (0.19.1)
    thread_safe (0.3.5)
    timers (4.1.1)
      hitimes
    turbolinks (2.5.3)
      coffee-rails
    tzinfo (1.2.2)
      thread_safe (~> 0.1)
    uglifier (2.7.2)
      execjs (>= 0.3.0)
      json (>= 1.8.0)
    web-console (3.1.1)
      activemodel (>= 4.2)
      debug_inspector
      railties (>= 4.2)
    websocket (1.2.2)
    websocket-driver (0.6.3)
      websocket-extensions (>= 0.1.0)
    websocket-extensions (0.1.2)
    xpath (2.0.0)
      nokogiri (~> 1.3)

PLATFORMS
  ruby

DEPENDENCIES
  byebug
  capybara!
  codeclimate-test-reporter
  coffee-rails (~> 4.1.0)
  database_cleaner (~> 1.4)
  factory_girl_rails (~> 4.5)
  jbuilder (~> 2.0)
  jquery-rails
  puma
  rails (>= 5.0.0.beta1.1, < 5.1)
  rails-controller-testing
  rspec-core!
  rspec-expectations!
  rspec-mocks!
  rspec-rails!
  rspec-support!
  selenium-webdriver (~> 2.45)
  spring
  sqlite3
  turbolinks
  tzinfo-data
  uglifier (>= 1.3.0)
  web-console (~> 3.0)

BUNDLED WITH
   1.11.2
